GEM
  remote: http://rubygems.org/
  specs:
    actionmailer (4.0.7)
      actionpack (= 4.0.7)
      mail (~> 2.5.4)
    actionpack (4.0.7)
      activesupport (= 4.0.7)
      builder (~> 3.1.0)
      erubis (~> 2.7.0)
      rack (~> 1.5.2)
      rack-test (~> 0.6.2)
    activemodel (4.0.7)
      activesupport (= 4.0.7)
      builder (~> 3.1.0)
    activerecord (4.0.7)
      activemodel (= 4.0.7)
      activerecord-deprecated_finders (~> 1.0.2)
      activesupport (= 4.0.7)
      arel (~> 4.0.0)
    activerecord-deprecated_finders (1.0.3)
    activesupport (4.0.7)
      i18n (~> 0.6, >= 0.6.9)
      minitest (~> 4.2)
      multi_json (~> 1.3)
      thread_safe (~> 0.1)
      tzinfo (~> 0.3.37)
    arel (4.0.2)
    bcrypt (3.1.10)
    bcrypt (3.1.10-x86-mingw32)
    bower-rails (0.9.2)
    builder (3.1.4)
    byebug (3.5.1)
      columnize (~> 0.8)
      debugger-linecache (~> 1.2)
      slop (~> 3.6)
    coffee-rails (4.0.1)
      coffee-script (>= 2.2.0)
      railties (>= 4.0.0, < 5.0)
    coffee-script (2.3.0)
      coffee-script-source
      execjs
    coffee-script-source (1.9.1)
    columnize (0.9.0)
    daemons (1.2.2)
    debugger-linecache (1.2.0)
    erubis (2.7.0)
    eventmachine (1.0.7)
    execjs (2.4.0)
    hike (1.2.3)
    i18n (0.7.0)
    jbuilder (1.5.3)
      activesupport (>= 3.0.0)
      multi_json (>= 1.2.0)
    jquery-rails (3.1.2)
      railties (>= 3.0, < 5.0)
      thor (>= 0.14, < 2.0)
    json (1.8.2)
    jwt (1.4.1)
    mail (2.5.4)
      mime-types (~> 1.16)
      treetop (~> 1.4.8)
    mime-types (1.25.1)
    minitest (4.7.5)
    multi_json (1.11.0)
    pg (0.18.1)
    pg (0.18.1-x86-mingw32)
    polyglot (0.3.5)
    rack (1.5.2)
    rack-test (0.6.3)
      rack (>= 1.0)
    rails (4.0.7)
      actionmailer (= 4.0.7)
      actionpack (= 4.0.7)
      activerecord (= 4.0.7)
      activesupport (= 4.0.7)
      bundler (>= 1.3.0, < 2.0)
      railties (= 4.0.7)
      sprockets-rails (~> 2.0)
    rails_12factor (0.0.3)
      rails_serve_static_assets
      rails_stdout_logging
    rails_serve_static_assets (0.0.4)
    rails_stdout_logging (0.0.3)
    railties (4.0.7)
      actionpack (= 4.0.7)
      activesupport (= 4.0.7)
      rake (>= 0.8.7)
      thor (>= 0.18.1, < 2.0)
    rake (10.4.2)
    rdoc (4.2.0)
      json (~> 1.4)
    sass (3.2.19)
    sass-rails (4.0.5)
      railties (>= 4.0.0, < 5.0)
      sass (~> 3.2.2)
      sprockets (~> 2.8, < 3.0)
      sprockets-rails (~> 2.0)
    sdoc (0.4.1)
      json (~> 1.7, >= 1.7.7)
      rdoc (~> 4.0)
    slop (3.6.0)
    sprockets (2.12.3)
      hike (~> 1.2)
      multi_json (~> 1.0)
      rack (~> 1.0)
      tilt (~> 1.1, != 1.3.0)
    sprockets-rails (2.2.4)
      actionpack (>= 3.0)
      activesupport (>= 3.0)
      sprockets (>= 2.8, < 4.0)
    thin (1.6.3)
      daemons (~> 1.0, >= 1.0.9)
      eventmachine (~> 1.0)
      rack (~> 1.0)
    thor (0.19.1)
    thread_safe (0.3.5)
    tilt (1.4.1)
    treetop (1.4.15)
      polyglot
      polyglot (>= 0.3.1)
    turbolinks (2.5.3)
      coffee-rails
    tzinfo (0.3.43)
    uglifier (2.7.1)
      execjs (>= 0.3.0)
      json (>= 1.8.0)

PLATFORMS
  ruby
  x86-mingw32

DEPENDENCIES
  bcrypt (~> 3.1.10)
  bower-rails
  byebug
  coffee-rails (~> 4.0.0)
  jbuilder (~> 1.2)
  jquery-rails
  jwt
  pg (~> 0.18.1)
  rails (= 4.0.7)
  rails_12factor
  sass-rails (~> 4.0.2)
  sdoc
  thin
  turbolinks
  uglifier (>= 1.3.0)
